GEM
  remote: https://rubygems.org/
  specs:
    rack (1.6.2)
    rack-protection (1.5.0)
      rack
    sinatra (1.4.6)
      rack (~> 1.4)
      rack-protection (~> 1.4)
      tilt (>= 1.3, < 3)
    tilt (1.4.1)

PLATFORMS
  ruby

DEPENDENCIES
  rack
  sinatra
